GEM
  remote: https://rubygems.org/
  specs:
    minitest (5.7.0)
    mqtt (0.4.0)
    rake (12.3.3)

PLATFORMS
  ruby

DEPENDENCIES
  bundler (>= 1.5.0)
  minitest (>= 5.0.0)
  mqtt (>= 0.4.0)
  rake (>= 0.10.0)

RUBY VERSION
   ruby 2.4.3p205

BUNDLED WITH
   1.16.1
